GEM
  remote: http://rubygems.org/
  specs:
    haml (3.1.7)
    rake (0.9.2.2)

PLATFORMS
  ruby

DEPENDENCIES
  haml
  rake
